GEM
  specs:
    activesupport (2.3.14)
    ffi (1.9.0)
    json (1.7.5)
    libusb (0.3.4)
      ffi (>= 1.0)
    rack (1.5.2)
    rack-protection (1.5.0)
      rack
    sinatra (1.4.3)
      rack (~> 1.4)
      rack-protection (~> 1.4)
      tilt (~> 1.3, >= 1.3.4)
    tilt (1.4.1)

PLATFORMS
  ruby

DEPENDENCIES
  activesupport
  json
  libusb
  sinatra
